GEM
  remote: https://rubygems.org/
  specs:
    base64 (0.2.0)
    bigdecimal (3.1.8)
    connection_pool (2.4.1)
    datadog (2.7.1)
      datadog-ruby_core_source (~> 3.3)
      libdatadog (~> 14.1.0.1.0)
      libddwaf (~> 1.15.0.0.0)
      msgpack
    datadog-ruby_core_source (3.3.6)
    diff-lcs (1.5.1)
    ffi (1.17.0)
    http-2 (1.0.2)
    httpx (1.3.4)
      http-2 (>= 1.0.0)
    libdatadog (14.1.0.1.0)
    libddwaf (1.15.0.0.0)
      ffi (~> 1.0)
    logger (1.6.2)
    msgpack (1.7.5)
    multi_json (1.15.0)
    mustermann (3.0.3)
      ruby2_keywords (~> 0.0.1)
    mysql2 (0.5.6)
    mysql2-cs-bind (0.1.1)
      mysql2
    nio4r (2.7.4)
    puma (6.5.0)
      nio4r (~> 2.0)
    rack (3.1.8)
    rack-protection (4.1.1)
      base64 (>= 0.1.0)
      logger (>= 1.6.0)
      rack (>= 3.0.0, < 4)
    rack-session (2.0.0)
      rack (>= 3.0.0)
    redis (5.3.0)
      redis-client (>= 0.22.0)
    redis-client (0.22.2)
      connection_pool
    rspec (3.13.0)
      rspec-core (~> 3.13.0)
      rspec-expectations (~> 3.13.0)
      rspec-mocks (~> 3.13.0)
    rspec-core (3.13.2)
      rspec-support (~> 3.13.0)
    rspec-expectations (3.13.3)
      diff-lcs (>= 1.2.0, < 2.0)
      rspec-support (~> 3.13.0)
    rspec-mocks (3.13.2)
      diff-lcs (>= 1.2.0, < 2.0)
      rspec-support (~> 3.13.0)
    rspec-support (3.13.2)
    ruby2_keywords (0.0.5)
    sinatra (4.1.1)
      logger (>= 1.6.0)
      mustermann (~> 3.0)
      rack (>= 3.0.0, < 4)
      rack-protection (= 4.1.1)
      rack-session (>= 2.0.0, < 3)
      tilt (~> 2.0)
    sinatra-contrib (4.1.1)
      multi_json (>= 0.0.2)
      mustermann (~> 3.0)
      rack-protection (= 4.1.1)
      sinatra (= 4.1.1)
      tilt (~> 2.0)
    tilt (2.4.0)
    ulid (1.4.0)

PLATFORMS
  ruby

DEPENDENCIES
  bigdecimal
  datadog
  httpx
  mysql2
  mysql2-cs-bind
  puma
  redis
  rspec
  sinatra
  sinatra-contrib
  ulid

BUNDLED WITH
   2.5.16
